PATH
  remote: .
  specs:
    ffi-gr (0.1.0)
      ffi

GEM
  remote: https://rubygems.org/
  specs:
    ast (2.4.0)
    coderay (1.1.2)
    ffi (1.11.1)
    jaro_winkler (1.5.3)
    method_source (0.9.2)
    minitest (5.12.2)
    numo-narray (0.9.1.4)
    parallel (1.17.0)
    parser (2.6.4.1)
      ast (~> 2.4.0)
    pry (0.12.2)
      coderay (~> 1.1.0)
      method_source (~> 0.9.0)
    rainbow (3.0.0)
    rake (10.5.0)
    rubocop (0.74.0)
      jaro_winkler (~> 1.5.1)
      parallel (~> 1.10)
      parser (>= 2.6)
      rainbow (>= 2.2.2, < 4.0)
      ruby-progressbar (~> 1.7)
      unicode-display_width (>= 1.4.0, < 1.7)
    ruby-progressbar (1.10.1)
    unicode-display_width (1.6.0)

PLATFORMS
  ruby

DEPENDENCIES
  bundler (~> 2.0)
  ffi-gr!
  minitest
  numo-narray
  pry
  rake (~> 10.0)
  rubocop

BUNDLED WITH
   2.0.2
